GEM
  remote: http://rubygems.org/
  specs:
    addressable (2.3.5)
    array_enumerator (0.0.3)
    atk (2.2.0)
      glib2 (= 2.2.0)
    baza (0.0.13)
      array_enumerator
      datet
      knjrbfw
      string-cases
      wref
    builder (3.2.2)
    cairo (1.12.8)
      pkg-config
    datet (0.0.25)
    descendants_tracker (0.0.3)
    diff-lcs (1.1.3)
    docile (1.1.3)
    faraday (0.9.0)
      multipart-post (>= 1.2, < 3)
    gdk_pixbuf2 (2.2.0)
      glib2 (= 2.2.0)
    gettext (3.1.1)
      locale (>= 2.0.5)
      text
    git (1.2.6)
    github_api (0.11.3)
      addressable (~> 2.3)
      descendants_tracker (~> 0.0.1)
      faraday (~> 0.8, < 0.10)
      hashie (>= 1.2)
      multi_json (>= 1.7.5, < 2.0)
      nokogiri (~> 1.6.0)
      oauth2
    glib2 (2.2.0)
      pkg-config
    gtk2 (2.2.0)
      atk (= 2.2.0)
      gdk_pixbuf2 (= 2.2.0)
      pango (= 2.2.0)
    hashie (2.0.5)
    highline (1.6.21)
    http2 (0.0.23)
    jeweler (2.0.1)
      builder
      bundler (>= 1.0)
      git (>= 1.2.5)
      github_api
      highline (>= 1.6.15)
      nokogiri (>= 1.5.10)
      rake
      rdoc
    json (1.8.1)
    jwt (0.1.11)
      multi_json (>= 1.5)
    knjrbfw (0.0.107)
      datet
      http2
      php4r
      ruby_process
      tsafe
      wref
    locale (2.1.0)
    mini_portile (0.5.2)
    multi_json (1.9.0)
    multi_xml (0.5.5)
    multipart-post (2.0.0)
    nokogiri (1.6.1)
      mini_portile (~> 0.5.0)
    oauth2 (0.9.3)
      faraday (>= 0.8, < 0.10)
      jwt (~> 0.1.8)
      multi_json (~> 1.3)
      multi_xml (~> 0.5)
      rack (~> 1.2)
    pango (2.2.0)
      cairo (>= 1.12.5)
      glib2 (= 2.2.0)
    php4r (0.0.4)
      datet
      http2
      string-strtr
    pkg-config (1.1.5)
    rack (1.5.2)
    rake (10.1.1)
    rdoc (3.12.2)
      json (~> 1.4)
    rspec (2.8.0)
      rspec-core (~> 2.8.0)
      rspec-expectations (~> 2.8.0)
      rspec-mocks (~> 2.8.0)
    rspec-core (2.8.0)
    rspec-expectations (2.8.0)
      diff-lcs (~> 1.1.2)
    rspec-mocks (2.8.0)
    ruby_process (0.0.9)
      tsafe
      wref
    simplecov (0.8.2)
      docile (~> 1.1.0)
      multi_json
      simplecov-html (~> 0.8.0)
    simplecov-html (0.8.0)
    sqlite3 (1.3.9)
    string-cases (0.0.0)
    string-strtr (0.0.3)
    text (1.2.3)
    tsafe (0.0.11)
    wref (0.0.6)

PLATFORMS
  ruby

DEPENDENCIES
  baza
  bundler (~> 1.0)
  gettext
  gtk2
  jeweler (~> 2.0.1)
  knjrbfw
  rdoc (~> 3.12)
  rspec (~> 2.8.0)
  simplecov
  sqlite3
  string-cases
